GEM
  remote: https://rubygems.org/
  specs:
    bcrypt (3.1.12)
    mini_portile2 (2.3.0)
    nokogiri (1.8.4)
      mini_portile2 (~> 2.3.0)

PLATFORMS
  ruby

DEPENDENCIES
  bcrypt
  nokogiri

RUBY VERSION
   ruby 2.4.4p296

BUNDLED WITH
   1.16.2
